GEM
  remote: https://rubygems.org/
  specs:
    awesome_print (1.8.0)
    chronic (0.10.2)
    crass (1.0.2)
    fast-stemmer (1.0.2)
    httparty (0.15.6)
      multi_xml (>= 0.5.2)
    mini_portile2 (2.2.0)
    multi_xml (0.6.0)
    nokogiri (1.8.0)
      mini_portile2 (~> 2.2.0)
    nokogumbo (1.4.13)
      nokogiri
    open_uri_redirections (0.2.1)
    pismo (0.7.4)
      awesome_print
      chronic
      fast-stemmer
      nokogiri
      sanitize
    sanitize (4.5.0)
      crass (~> 1.0.2)
      nokogiri (>= 1.4.4)
      nokogumbo (~> 1.4.1)

PLATFORMS
  ruby

DEPENDENCIES
  httparty
  nokogiri
  open_uri_redirections
  pismo

RUBY VERSION
   ruby 2.2.5p319

BUNDLED WITH
   1.14.5
